PATH
  remote: .
  specs:
    beefcake (0.3.8)

GEM
  remote: http://rubygems.org/
  specs:
    rake (10.1.0)

PLATFORMS
  java
  ruby

DEPENDENCIES
  beefcake!
  rake (= 10.1.0)
